GEM
  remote: http://rubygems.org/
  specs:
    allison (2.0.3)
    asciidoctor (0.1.4)
    bootstrap-sass (3.0.0.0)
      sass (~> 3.2)
    builder (3.2.2)
    chunky_png (1.3.0)
    coderay (1.1.0)
    colored (1.2)
    commonjs (0.2.7)
    compass (0.12.2)
      chunky_png (~> 1.2)
      fssm (>= 0.2.7)
      sass (~> 3.1)
    cri (2.5.0)
      colored (~> 1.2)
    echoe (4.6.5)
      allison (>= 2.0.3)
      rake (>= 0.9.2)
      rdoc (>= 2.5.11)
      rubyforge (>= 2.0.4)
    fssm (0.2.10)
    haml (4.0.5)
      tilt
    json (1.8.1)
    json_pure (1.8.1)
    kramdown (1.3.3)
    less (2.5.0)
      commonjs (~> 0.2.7)
    libv8 (3.16.14.3)
    method_source (0.8.2)
    mini_portile (0.5.3)
    nanoc (3.6.8)
      cri (~> 2.3)
    nokogiri (1.6.1)
      mini_portile (~> 0.5.0)
    oj (2.7.1)
    pry (0.9.12.6)
      coderay (~> 1.0)
      method_source (~> 0.8)
      slop (~> 3.4)
    rainpress (1.0)
      echoe
    rake (10.2.2)
    rdoc (4.1.1)
      json (~> 1.4)
    ref (1.0.5)
    ruby18_source_location (0.2)
    rubyforge (2.0.4)
      json_pure (>= 1.1.7)
    rubypants (0.2.0)
    sass (3.2.18)
    slop (3.5.0)
    susy (1.0.9)
      compass (>= 0.12.2)
      sass (>= 3.2.0)
    systemu (2.6.4)
    therubyracer (0.12.1)
      libv8 (~> 3.16.14.0)
      ref
    tilt (2.0.1)

PLATFORMS
  ruby

DEPENDENCIES
  asciidoctor
  bootstrap-sass (= 3.0.0)
  builder (~> 3.0)
  compass (= 0.12.2)
  haml (~> 4.0.5)
  kramdown (~> 1.3.3)
  less
  nanoc (~> 3.6)
  nokogiri
  oj
  pry
  rainpress (~> 1.0)
  ruby18_source_location
  rubypants (~> 0.2.0)
  sass (= 3.2.18)
  susy (= 1.0.9)
  systemu (~> 2.6.4)
  therubyracer
  wdm (~> 0.1.0)
